NUGET
  remote: https://nuget.org/api/v2
  specs:
    canopy (0.9.32)
      FSharp.Core (>= 3.0.2)
      Selenium.Support (2.47.0)
      Selenium.WebDriver (2.47.0)
      SizSelCsZzz (0.3.36.0)
    ExtCore (0.8.45)
    FAKE (4.3.4)
    Foq (1.7.1)
    FSharp.Core (4.0.0.1)
    FSharp.Data (2.2.5)
      Zlib.Portable (>= 1.10.0) - framework: portable-net40+sl50+wp80+win80
    FSharp.Quotations.Evaluator (1.0.6)
    FsPickler (1.3.7)
    FsPickler.Json (1.3.7)
      FsPickler (1.3.7)
      Newtonsoft.Json (>= 6.0.5)
    FsUnit (1.3.1.0)
      NUnit (2.6.4)
    MySql.Data (6.9.7)
    Newtonsoft.Json (7.0.1)
    NUnit (2.6.4)
    NUnit.Runners (2.6.4)
    Selenium.Support (2.47.0)
      Selenium.WebDriver (>= 2.47.0)
    Selenium.WebDriver (2.47.0)
    ServiceStack.Common (4.0.42)
      ServiceStack.Interfaces (>= 4.0.42)
      ServiceStack.Text (>= 4.0.42)
    ServiceStack.Interfaces (4.0.42)
    ServiceStack.OrmLite (4.0.42)
      ServiceStack.Common (>= 4.0.42)
    ServiceStack.OrmLite.MySql (4.0.42)
      MySql.Data (>= 6.9.5)
      ServiceStack.OrmLite (>= 4.0.42)
    ServiceStack.Text (4.0.42)
    SizSelCsZzz (0.3.36.0)
      Newtonsoft.Json (>= 6.0)
      Selenium.Support (>= 2.40)
      Selenium.WebDriver (>= 2.40)
    Suave (0.31.1)
      FSharp.Core (>= 4.0.0.1)
      FsPickler (>= 1.2.5)
    Zlib.Portable (1.11.0) - framework: portable-net40+sl50+wp80+win80
